GEM
  remote: https://rubygems.org/
  specs:
    aws-eventstream (1.2.0)
    aws-partitions (1.600.0)
    aws-sdk-cloudformation (1.69.0)
      aws-sdk-core (~> 3, >= 3.127.0)
      aws-sigv4 (~> 1.1)
    aws-sdk-cloudwatchevents (1.57.0)
      aws-sdk-core (~> 3, >= 3.127.0)
      aws-sigv4 (~> 1.1)
    aws-sdk-core (3.131.2)
      aws-eventstream (~> 1, >= 1.0.2)
      aws-partitions (~> 1, >= 1.525.0)
      aws-sigv4 (~> 1.1)
      jmespath (~> 1, >= 1.6.1)
    aws-sdk-ecs (1.100.0)
      aws-sdk-core (~> 3, >= 3.127.0)
      aws-sigv4 (~> 1.1)
    aws-sdk-iam (1.69.0)
      aws-sdk-core (~> 3, >= 3.127.0)
      aws-sigv4 (~> 1.1)
    aws-sigv4 (1.5.0)
      aws-eventstream (~> 1, >= 1.0.2)
    chronic (0.10.2)
    elastic_whenever (0.7.0)
      aws-sdk-cloudwatchevents (~> 1.5)
      aws-sdk-ecs (~> 1.0)
      aws-sdk-iam (~> 1.0)
      chronic (~> 0.10)
      retryable (~> 3.0)
      rexml
    jmespath (1.6.1)
    retryable (3.0.5)
    rexml (3.2.5)

PLATFORMS
  ruby

DEPENDENCIES
  aws-sdk-cloudformation
  elastic_whenever

BUNDLED WITH
   2.1.4
